GEM
  remote: https://rubygems.org/
  specs:
    rack (1.6.11)

PLATFORMS
  ruby

DEPENDENCIES
  rack

RUBY VERSION
   ruby 2.6.3p62

BUNDLED WITH
   1.17.2
